GEM
  remote: https://rubygems.org/
  specs:
    base64 (0.3.0)
    json (2.15.2)
    mustermann (3.0.4)
      ruby2_keywords (~> 0.0.1)
    nio4r (2.7.4)
    puma (6.6.1)
      nio4r (~> 2.0)
    rack (2.2.20)
    rack-protection (3.2.0)
      base64 (>= 0.1.0)
      rack (~> 2.2, >= 2.2.4)
    rackup (1.0.1)
      rack (< 3)
      webrick
    ruby2_keywords (0.0.5)
    sinatra (3.2.0)
      mustermann (~> 3.0)
      rack (~> 2.2, >= 2.2.4)
      rack-protection (= 3.2.0)
      tilt (~> 2.0)
    tilt (2.6.1)
    webrick (1.9.1)

PLATFORMS
  arm64-darwin-24

DEPENDENCIES
  json (~> 2.6)
  puma (~> 6.0)
  rack (~> 2.2)
  rackup (~> 1.0)
  sinatra (~> 3.0)

RUBY VERSION
   ruby 3.2.0p0

BUNDLED WITH
   2.4.1
